GEM
  remote: http://rubygems.org/
  specs:
    activemodel (3.2.3)
      activesupport (= 3.2.3)
      builder (~> 3.0.0)
    activerecord (3.2.3)
      activemodel (= 3.2.3)
      activesupport (= 3.2.3)
      arel (~> 3.0.2)
      tzinfo (~> 0.3.29)
    activerecord-postgresql-adapter (0.0.1)
      pg
    activesupport (3.2.3)
      i18n (~> 0.6)
      multi_json (~> 1.0)
    arel (3.0.2)
    builder (3.0.0)
    i18n (0.6.0)
    multi_json (1.3.5)
    pg (0.13.2)
    pg (0.13.2-x86-mingw32)
    rake (0.9.2.2)
    tzinfo (0.3.33)

PLATFORMS
  ruby
  x86-mingw32

DEPENDENCIES
  activerecord
  activerecord-postgresql-adapter
  rake
